GEM
  remote: http://rubygems.org/
  specs:
    activemodel (3.2.8)
      activesupport (= 3.2.8)
      builder (~> 3.0.0)
    activerecord (3.2.8)
      activemodel (= 3.2.8)
      activesupport (= 3.2.8)
      arel (~> 3.0.2)
      tzinfo (~> 0.3.29)
    activesupport (3.2.8)
      i18n (~> 0.6)
      multi_json (~> 1.0)
    arel (3.0.2)
    builder (3.0.3)
    coderay (1.0.7)
    i18n (0.6.1)
    method_source (0.8)
    multi_json (1.3.6)
    mysql2 (0.3.11)
    pry (0.9.10)
      coderay (~> 1.0.5)
      method_source (~> 0.8)
      slop (~> 3.3.1)
    rb-readline (0.4.2)
    slop (3.3.3)
    tzinfo (0.3.33)

PLATFORMS
  ruby

DEPENDENCIES
  activerecord
  mysql2
  pry
  rb-readline
